GIT
  remote: https://github.com/everypolitician/close_old_pull_requests.git
  revision: 9b85e4961c5335063cc00bba11aab00c5ea1c0ec
  specs:
    close_old_pull_requests (0.1.0)
      octokit (~> 4.3)

GIT
  remote: https://github.com/everypolitician/everypolitician-dataview-terms.git
  revision: fefa4e9b9d1d6544337f4432b9af95a1ea456a49
  specs:
    everypolitician-dataview-terms (0.0.3)
      everypolitician-popolo

GIT
  remote: https://github.com/everypolitician/everypolitician-popolo.git
  revision: 1de2a997faef47d745679b343a7b1978dc50a542
  specs:
    everypolitician-popolo (0.8.1)
      require_all

GIT
  remote: https://github.com/everypolitician/everypolitician-pull_request.git
  revision: 14412a00c85bbc012c7d114afaa2531ab4ae3a1a
  specs:
    everypolitician-pull_request (0.4.0)
      activesupport
      everypolitician-popolo
      octokit
      require_all

GIT
  remote: https://github.com/everypolitician/everypolitician-ruby.git
  revision: 363f7abb3bf2596d89cc048b98deb1a83ac163ff
  specs:
    everypolitician (0.20.0)
      everypolitician-popolo (>= 0.8.0)
      require_all

GIT
  remote: https://github.com/everypolitician/facebook_username_extractor.git
  revision: fdb65615a5a513bb2ae8391aad9e2a5e76f4503d
  specs:
    facebook_username_extractor (0.3.0)

GIT
  remote: https://github.com/everypolitician/field_serializer.git
  revision: 07e89a97eebe4e85ec23f46e04c7e061ac0fe166
  specs:
    field_serializer (0.3.0)

GIT
  remote: https://github.com/everypolitician/twitter_username_extractor.git
  revision: cc0aebc0ac8724f2d32ffba8426489ca7b1d92dd
  specs:
    twitter_username_extractor (0.2.0)

GIT
  remote: https://github.com/everypolitician/wikisnakker.git
  revision: 72dbb8b13c9ec1c8512974fa8d86d93b01b90a15
  specs:
    wikisnakker (0.9.1)
      require_all
      yajl-ruby

GIT
  remote: https://github.com/tmtmtmtm/csv_to_popolo.git
  revision: 9550768212330ab209989a75d8479e341df6d796
  specs:
    csv_to_popolo (0.28.1)
      facebook_username_extractor
      json
      rcsv
      twitter_username_extractor

GEM
  remote: https://rubygems.org/
  specs:
    activesupport (5.1.5)
      concurrent-ruby (~> 1.0, >= 1.0.2)
      i18n (~> 0.7)
      minitest (~> 5.1)
      tzinfo (~> 1.1)
    addressable (2.5.2)
      public_suffix (>= 2.0.2, < 4.0)
    ast (2.4.0)
    coderay (1.1.2)
    colorize (0.8.1)
    concurrent-ruby (1.0.5)
    crack (0.4.3)
      safe_yaml (~> 1.0.0)
    csvlint (0.4.0)
      activesupport
      addressable
      colorize
      escape_utils
      mime-types
      net-http-persistent (< 3.0)
      open_uri_redirections
      rack
      thor
      typhoeus
      uri_template
    deep_merge (1.2.1)
    domain_name (0.5.20170404)
      unf (>= 0.0.5, < 1.0.0)
    escape_utils (1.2.1)
    ethon (0.11.0)
      ffi (>= 1.3.0)
    faraday (0.14.0)
      multipart-post (>= 1.2, < 3)
    ffi (1.9.23)
    flog (4.6.2)
      path_expander (~> 1.0)
      ruby_parser (~> 3.1, > 3.1.0)
      sexp_processor (~> 4.8)
    fuzzy_match (2.1.0)
    hashdiff (0.3.7)
    http-cookie (1.0.3)
      domain_name (~> 0.5)
    i18n (0.9.5)
      concurrent-ruby (~> 1.0)
    json (2.1.0)
    json5 (0.0.1)
    method_source (0.9.0)
    mime-types (3.1)
      mime-types-data (~> 3.2015)
    mime-types-data (3.2016.0521)
    minitest (5.11.3)
    minitest-around (0.4.1)
      minitest (~> 5.0)
    multipart-post (2.0.0)
    net-http-persistent (2.9.4)
    netrc (0.11.0)
    octokit (4.8.0)
      sawyer (~> 0.8.0, >= 0.5.3)
    open_uri_redirections (0.2.1)
    parallel (1.12.1)
    parser (2.5.0.4)
      ast (~> 2.4.0)
    path_expander (1.0.3)
    powerpack (0.1.1)
    pry (0.11.3)
      coderay (~> 1.1.0)
      method_source (~> 0.9.0)
    public_suffix (3.0.2)
    rack (2.0.4)
    rainbow (3.0.0)
    rake (12.3.0)
    rb-fsevent (0.10.3)
    rb-inotify (0.9.10)
      ffi (>= 0.5.0, < 2)
    rcsv (0.3.1)
    require_all (1.5.0)
    rest-client (2.0.2)
      http-cookie (>= 1.0.2, < 2.0)
      mime-types (>= 1.16, < 4.0)
      netrc (~> 0.8)
    rubocop (0.53.0)
      parallel (~> 1.10)
      parser (>= 2.5)
      powerpack (~> 0.1)
      rainbow (>= 2.2.2, < 4.0)
      ruby-progressbar (~> 1.7)
      unicode-display_width (~> 1.0, >= 1.0.1)
    ruby-progressbar (1.9.0)
    ruby_parser (3.11.0)
      sexp_processor (~> 4.9)
    safe_yaml (1.0.4)
    sass (3.5.5)
      sass-listen (~> 4.0.0)
    sass-listen (4.0.0)
      rb-fsevent (~> 0.9, >= 0.9.4)
      rb-inotify (~> 0.9, >= 0.9.7)
    sawyer (0.8.1)
      addressable (>= 2.3.5, < 2.6)
      faraday (~> 0.8, < 1.0)
    sexp_processor (4.10.1)
    slop (3.6.0)
    thor (0.20.0)
    thread_safe (0.3.6)
    typhoeus (1.3.0)
      ethon (>= 0.9.0)
    tzinfo (1.2.5)
      thread_safe (~> 0.1)
    unf (0.1.4)
      unf_ext
    unf_ext (0.0.7.5)
    unicode-display_width (1.3.0)
    unicode_utils (1.4.0)
    uri_template (0.7.0)
    vcr (4.0.0)
    webmock (3.3.0)
      addressable (>= 2.3.6)
      crack (>= 0.3.2)
      hashdiff
    yajl-ruby (1.3.1)

PLATFORMS
  ruby

DEPENDENCIES
  close_old_pull_requests!
  colorize
  csv_to_popolo!
  csvlint
  deep_merge
  everypolitician!
  everypolitician-dataview-terms!
  everypolitician-popolo!
  everypolitician-pull_request!
  facebook_username_extractor (~> 0.3.0)!
  field_serializer!
  flog
  fuzzy_match
  json
  json5
  minitest
  minitest-around
  pry
  rake
  rcsv
  require_all (~> 1.0)
  rest-client
  rubocop
  sass
  slop (~> 3.6.0)
  twitter_username_extractor!
  unicode_utils
  vcr
  webmock
  wikisnakker!
  yajl-ruby

BUNDLED WITH
   1.16.0
