GIT
  remote: git://github.com/everypolitician/everypolitician-dataview-terms.git
  revision: c492d2247b5a5693a91f45575b5d753bbe58931c
  specs:
    everypolitician-dataview-terms (0.0.1)
      everypolitician-popolo

GIT
  remote: git://github.com/everypolitician/everypolitician-popolo.git
  revision: 63c7a135c8436e77f0b7c5e6d3c43f91ee11e88a
  specs:
    everypolitician-popolo (0.6.1)

GIT
  remote: git://github.com/everypolitician/everypolitician-ruby.git
  revision: 1ab5d5ba15ff42cb1af01ba7528b948becfb1544
  specs:
    everypolitician (0.7.0)
      everypolitician-popolo

GIT
  remote: git://github.com/everypolitician/twitter_username_extractor.git
  revision: 891a0f4ea587195fc952305562048f53498b2d84
  specs:
    twitter_username_extractor (0.1.0)

GIT
  remote: git://github.com/everypolitician/wikisnakker.git
  revision: 3c438db2bb6ac10660d4e03adcbeae35d5834b3a
  specs:
    wikisnakker (0.7.0)

GIT
  remote: git://github.com/tmtmtmtm/csv_to_popolo.git
  revision: ec39a8bdf9330ef60f4cf5d8d6606c3c090f0223
  specs:
    csv_to_popolo (0.27.0)
      facebook_username_extractor
      json
      rcsv
      twitter_username_extractor

GIT
  remote: https://github.com/everypolitician/close_old_pull_requests
  revision: ea9fe6f2b2468af95af84170bd01c0fddb7f3781
  branch: master
  specs:
    close_old_pull_requests (0.1.0)
      octokit (~> 4.3)

GIT
  remote: https://github.com/everypolitician/everypolitician-pull_request
  revision: 489a65cdd5c39d7648c4c4c76286489221c0242b
  branch: master
  specs:
    everypolitician-pull_request (0.4.0)
      everypolitician-popolo
      octokit
      require_all

GEM
  remote: https://rubygems.org/
  specs:
    addressable (2.4.0)
    ast (2.3.0)
    coderay (1.1.1)
    colorize (0.8.1)
    crack (0.4.3)
      safe_yaml (~> 1.0.0)
    domain_name (0.5.20160615)
      unf (>= 0.0.5, < 1.0.0)
    facebook_username_extractor (0.2.0)
    faraday (0.9.2)
      multipart-post (>= 1.2, < 3)
    flog (4.4.0)
      path_expander (~> 1.0)
      ruby_parser (~> 3.1, > 3.1.0)
      sexp_processor (~> 4.4)
    fuzzy_match (2.1.0)
    hashdiff (0.3.0)
    http-cookie (1.0.2)
      domain_name (~> 0.5)
    json (2.0.1)
    json5 (0.0.1)
    method_source (0.8.2)
    mime-types (3.1)
      mime-types-data (~> 3.2015)
    mime-types-data (3.2016.0521)
    mini_portile2 (2.1.0)
    minitest (5.9.0)
    minitest-around (0.3.2)
      minitest (~> 5.0)
    multipart-post (2.0.0)
    netrc (0.11.0)
    nokogiri (1.6.8)
      mini_portile2 (~> 2.1.0)
      pkg-config (~> 1.1.7)
    octokit (4.3.0)
      sawyer (~> 0.7.0, >= 0.5.3)
    parser (2.3.1.2)
      ast (~> 2.2)
    path_expander (1.0.0)
    pkg-config (1.1.7)
    powerpack (0.1.1)
    pry (0.10.4)
      coderay (~> 1.1.0)
      method_source (~> 0.8.1)
      slop (~> 3.4)
    rainbow (2.1.0)
    rake (11.2.2)
    rcsv (0.3.1)
    require_all (1.3.3)
    rest-client (2.0.0)
      http-cookie (>= 1.0.2, < 2.0)
      mime-types (>= 1.16, < 4.0)
      netrc (~> 0.8)
    rubocop (0.42.0)
      parser (>= 2.3.1.1, < 3.0)
      powerpack (~> 0.1)
      rainbow (>= 1.99.1, < 3.0)
      ruby-progressbar (~> 1.7)
      unicode-display_width (~> 1.0, >= 1.0.1)
    ruby-progressbar (1.8.1)
    ruby_parser (3.8.2)
      sexp_processor (~> 4.1)
    safe_yaml (1.0.4)
    sass (3.4.22)
    sawyer (0.7.0)
      addressable (>= 2.3.5, < 2.5)
      faraday (~> 0.8, < 0.10)
    sexp_processor (4.7.0)
    slop (3.6.0)
    unf (0.1.4)
      unf_ext
    unf_ext (0.0.7.2)
    unicode-display_width (1.1.0)
    unicode_utils (1.4.0)
    vcr (3.0.3)
    webmock (2.1.0)
      addressable (>= 2.3.6)
      crack (>= 0.3.2)
      hashdiff
    yajl-ruby (1.2.1)

PLATFORMS
  ruby

DEPENDENCIES
  close_old_pull_requests!
  colorize
  csv_to_popolo (~> 0.27.0)!
  everypolitician!
  everypolitician-dataview-terms!
  everypolitician-popolo (~> 0.6.0)!
  everypolitician-pull_request!
  facebook_username_extractor (~> 0.2.0)
  flog
  fuzzy_match
  json
  json5
  minitest
  minitest-around
  nokogiri
  pry
  rake
  rcsv
  require_all
  rest-client
  rubocop
  sass
  slop (~> 3.6.0)
  twitter_username_extractor!
  unicode_utils
  vcr
  webmock
  wikisnakker (~> 0.7.0)!
  yajl-ruby

BUNDLED WITH
   1.12.5
