GIT
  remote: https://github.com/everypolitician/close_old_pull_requests.git
  revision: ba2dc4ebe77e20fcc663d0adee30e808b1f1154c
  specs:
    close_old_pull_requests (0.1.0)
      octokit (~> 4.3)

GIT
  remote: https://github.com/everypolitician/everypolitician-dataview-terms.git
  revision: f2fc1dd7c8cc4cab65d4a8e1bca7e1790264f808
  specs:
    everypolitician-dataview-terms (0.0.1)
      everypolitician-popolo

GIT
  remote: https://github.com/everypolitician/everypolitician-popolo.git
  revision: 3b3b7abc6d3ed4fc6cd4d3295e4f019219e568bf
  specs:
    everypolitician-popolo (0.7.0)
      require_all

GIT
  remote: https://github.com/everypolitician/everypolitician-pull_request.git
  revision: 489a65cdd5c39d7648c4c4c76286489221c0242b
  specs:
    everypolitician-pull_request (0.4.0)
      everypolitician-popolo
      octokit
      require_all

GIT
  remote: https://github.com/everypolitician/everypolitician-ruby.git
  revision: 3ebe575c1d8a3729440096842264d9c0201e0b06
  specs:
    everypolitician (0.18.0)
      everypolitician-popolo
      require_all

GIT
  remote: https://github.com/everypolitician/twitter_username_extractor.git
  revision: cc0aebc0ac8724f2d32ffba8426489ca7b1d92dd
  specs:
    twitter_username_extractor (0.2.0)

GIT
  remote: https://github.com/everypolitician/wikisnakker.git
  revision: cc55a4f45290c8ad86dc3e2a41ea678e02e3dd94
  specs:
    wikisnakker (0.7.0)

GIT
  remote: https://github.com/tmtmtmtm/csv_to_popolo.git
  revision: 130f7fc9dbc1a1fbdb7082e598e0a0bedf55d197
  specs:
    csv_to_popolo (0.27.1)
      facebook_username_extractor
      json
      rcsv
      twitter_username_extractor

GEM
  remote: https://rubygems.org/
  specs:
    addressable (2.4.0)
    ast (2.3.0)
    bundler-audit (0.5.0)
      bundler (~> 1.2)
      thor (~> 0.18)
    coderay (1.1.1)
    colorize (0.8.1)
    crack (0.4.3)
      safe_yaml (~> 1.0.0)
    domain_name (0.5.20160615)
      unf (>= 0.0.5, < 1.0.0)
    facebook_username_extractor (0.2.0)
    faraday (0.9.2)
      multipart-post (>= 1.2, < 3)
    flog (4.4.0)
      path_expander (~> 1.0)
      ruby_parser (~> 3.1, > 3.1.0)
      sexp_processor (~> 4.4)
    fuzzy_match (2.1.0)
    hashdiff (0.3.0)
    http-cookie (1.0.2)
      domain_name (~> 0.5)
    json (2.0.1)
    json5 (0.0.1)
    method_source (0.8.2)
    mime-types (3.1)
      mime-types-data (~> 3.2015)
    mime-types-data (3.2016.0521)
    mini_portile2 (2.1.0)
    minitest (5.9.0)
    minitest-around (0.3.2)
      minitest (~> 5.0)
    multipart-post (2.0.0)
    netrc (0.11.0)
    nokogiri (1.6.8)
      mini_portile2 (~> 2.1.0)
      pkg-config (~> 1.1.7)
    octokit (4.3.0)
      sawyer (~> 0.7.0, >= 0.5.3)
    parser (2.3.1.2)
      ast (~> 2.2)
    path_expander (1.0.0)
    pkg-config (1.1.7)
    powerpack (0.1.1)
    pry (0.10.4)
      coderay (~> 1.1.0)
      method_source (~> 0.8.1)
      slop (~> 3.4)
    rainbow (2.1.0)
    rake (11.2.2)
    rcsv (0.3.1)
    require_all (1.3.3)
    rest-client (2.0.0)
      http-cookie (>= 1.0.2, < 2.0)
      mime-types (>= 1.16, < 4.0)
      netrc (~> 0.8)
    rubocop (0.42.0)
      parser (>= 2.3.1.1, < 3.0)
      powerpack (~> 0.1)
      rainbow (>= 1.99.1, < 3.0)
      ruby-progressbar (~> 1.7)
      unicode-display_width (~> 1.0, >= 1.0.1)
    ruby-progressbar (1.8.1)
    ruby_parser (3.8.2)
      sexp_processor (~> 4.1)
    safe_yaml (1.0.4)
    sass (3.4.22)
    sawyer (0.7.0)
      addressable (>= 2.3.5, < 2.5)
      faraday (~> 0.8, < 0.10)
    sexp_processor (4.7.0)
    slop (3.6.0)
    thor (0.19.1)
    unf (0.1.4)
      unf_ext
    unf_ext (0.0.7.2)
    unicode-display_width (1.1.0)
    unicode_utils (1.4.0)
    vcr (3.0.3)
    webmock (2.1.0)
      addressable (>= 2.3.6)
      crack (>= 0.3.2)
      hashdiff
    yajl-ruby (1.2.1)

PLATFORMS
  ruby

DEPENDENCIES
  bundler-audit
  close_old_pull_requests!
  colorize
  csv_to_popolo (~> 0.27.1)!
  everypolitician!
  everypolitician-dataview-terms!
  everypolitician-popolo (~> 0.7.0)!
  everypolitician-pull_request!
  facebook_username_extractor (~> 0.2.0)
  flog
  fuzzy_match
  json
  json5
  minitest
  minitest-around
  nokogiri
  pry
  rake
  rcsv
  require_all
  rest-client
  rubocop
  sass
  slop (~> 3.6.0)
  twitter_username_extractor!
  unicode_utils
  vcr
  webmock
  wikisnakker (~> 0.7.0)!
  yajl-ruby

BUNDLED WITH
   1.12.5
