GIT
  remote: git://github.com/everypolitician/wikisnakker.git
  revision: 81c25b9ab25f1345fbb05a60f7aa65e8abde693e
  specs:
    wikisnakker (0.5.0)

GIT
  remote: git://github.com/tmtmtmtm/csv_to_popolo.git
  revision: a38c69ce43c458dd9c1d40ef015fcc8044546d86
  specs:
    csv_to_popolo (0.25.0)
      facebook_username_extractor
      json
      rcsv
      twitter_username_extractor

GIT
  remote: https://github.com/everypolitician/everypolitician-popolo
  revision: 057374a814b636861f5ea3ecfa3b5d3835f32e71
  branch: master
  specs:
    everypolitician-popolo (0.3.1)

GIT
  remote: https://github.com/everypolitician/everypolitician-ruby
  revision: 75766f09eab7e7166cff27136f3e880696367ff7
  specs:
    everypolitician (0.6.1)
      everypolitician-popolo

GEM
  remote: https://rubygems.org/
  specs:
    addressable (2.4.0)
    coderay (1.1.1)
    colorize (0.7.7)
    crack (0.4.3)
      safe_yaml (~> 1.0.0)
    domain_name (0.5.20160310)
      unf (>= 0.0.5, < 1.0.0)
    facebook_username_extractor (0.1.0)
    fuzzy_match (2.1.0)
    hashdiff (0.3.0)
    http-cookie (1.0.2)
      domain_name (~> 0.5)
    iso_country_codes (0.7.5)
    json (1.8.3)
    json5 (0.0.1)
    method_source (0.8.2)
    mime-types (2.99.1)
    mini_portile2 (2.0.0)
    minitest (5.9.0)
    minitest-around (0.3.2)
      minitest (~> 5.0)
    netrc (0.11.0)
    nokogiri (1.6.7.2)
      mini_portile2 (~> 2.0.0.rc2)
    pry (0.10.3)
      coderay (~> 1.1.0)
      method_source (~> 0.8.1)
      slop (~> 3.4)
    rake (11.1.2)
    rcsv (0.3.1)
    rest-client (1.8.0)
      http-cookie (>= 1.0.2, < 2.0)
      mime-types (>= 1.16, < 3.0)
      netrc (~> 0.7)
    safe_yaml (1.0.4)
    sass (3.4.22)
    slop (3.6.0)
    twitter_username_extractor (0.1.0)
    unf (0.1.4)
      unf_ext
    unf_ext (0.0.7.2)
    unicode_utils (1.4.0)
    vcr (3.0.1)
    webmock (2.0.2)
      addressable (>= 2.3.6)
      crack (>= 0.3.2)
      hashdiff
    yajl-ruby (1.2.1)

PLATFORMS
  ruby

DEPENDENCIES
  colorize
  csv_to_popolo (~> 0.25.0)!
  everypolitician!
  everypolitician-popolo!
  fuzzy_match
  iso_country_codes
  json
  json5
  minitest
  minitest-around
  nokogiri
  pry
  rake
  rcsv
  rest-client
  sass
  slop (~> 3.6.0)
  unicode_utils
  vcr
  webmock
  wikisnakker (~> 0.5.0)!
  yajl-ruby

BUNDLED WITH
   1.12.3
