GIT
  remote: git://github.com/tmtmtmtm/csv_to_popolo.git
  revision: 67c34fdfd71460e5662ad65af03b5da843cc1759
  specs:
    csv_to_popolo (0.19.0)
      json
      twitter_username_extractor

GIT
  remote: https://github.com/everypolitician/everypolitician-popolo
  revision: d9415242846ef06e5b498e318711d01ea6575b59
  branch: master
  specs:
    everypolitician-popolo (0.1.0)

GIT
  remote: https://github.com/everypolitician/wikisnakker
  revision: a9d6711f0a08ba6024425e5ced0b7e89ef6e8b14
  branch: master
  specs:
    wikisnakker (0.0.1)

GEM
  remote: https://rubygems.org/
  specs:
    addressable (2.4.0)
    coderay (1.1.1)
    colorize (0.7.7)
    crack (0.4.3)
      safe_yaml (~> 1.0.0)
    fuzzy_match (2.1.0)
    hashdiff (0.2.3)
    iso_country_codes (0.7.2)
    json (1.8.3)
    json5 (0.0.1)
    method_source (0.8.2)
    mini_portile2 (2.0.0)
    minitest (5.8.3)
    minitest-around (0.3.2)
      minitest (~> 5.0)
    nokogiri (1.6.7)
      mini_portile2 (~> 2.0.0.rc2)
    pry (0.10.3)
      coderay (~> 1.1.0)
      method_source (~> 0.8.1)
      slop (~> 3.4)
    rake (10.4.2)
    safe_yaml (1.0.4)
    sass (3.4.20)
    slop (3.6.0)
    twitter_username_extractor (0.1.0)
    unicode_utils (1.4.0)
    vcr (3.0.0)
    webmock (1.22.3)
      addressable (>= 2.3.6)
      crack (>= 0.3.2)
      hashdiff
    yajl-ruby (1.2.1)

PLATFORMS
  ruby

DEPENDENCIES
  colorize
  csv_to_popolo (~> 0.19.0)!
  everypolitician-popolo!
  fuzzy_match
  iso_country_codes
  json
  json5
  minitest
  minitest-around
  nokogiri
  pry
  rake
  sass
  slop (~> 3.6.0)
  unicode_utils
  vcr
  webmock
  wikisnakker!
  yajl-ruby

BUNDLED WITH
   1.11.2
