GIT
  remote: git://github.com/tmtmtmtm/csv_to_popolo.git
  revision: ba0af5638e94438b6b5ffc5b4364ba135aa645d1
  specs:
    csv_to_popolo (0.15.0)
      json

GIT
  remote: https://github.com/everypolitician/wikisnakker
  revision: 6130a728fd57a51c882f58f67ad4c3defb944f84
  branch: master
  specs:
    wikisnakker (0.0.1)

GEM
  remote: https://rubygems.org/
  specs:
    coderay (1.1.0)
    colorize (0.7.7)
    fuzzy_match (2.1.0)
    iso_country_codes (0.7.1)
    json (1.8.3)
    method_source (0.8.2)
    mini_portile (0.6.2)
    nokogiri (1.6.6.2)
      mini_portile (~> 0.6.0)
    pry (0.10.1)
      coderay (~> 1.1.0)
      method_source (~> 0.8.1)
      slop (~> 3.4)
    rake (10.4.2)
    sass (3.4.19)
    slop (3.6.0)
    yajl-ruby (1.2.1)

PLATFORMS
  ruby

DEPENDENCIES
  colorize
  csv_to_popolo (~> 0.15.0)!
  fuzzy_match
  iso_country_codes
  json
  nokogiri
  pry
  rake
  sass
  wikisnakker!
  yajl-ruby

BUNDLED WITH
   1.10.6
