GIT
  remote: git://github.com/tmtmtmtm/csv_to_popolo.git
  revision: 0633d368eeced0e89c0fd56cef5384986f915f91
  specs:
    csv_to_popolo (0.17.1)
      json

GIT
  remote: https://github.com/everypolitician/wikisnakker
  revision: b12d368f792efbbd010b28a49404c8eb6d60fdad
  branch: master
  specs:
    wikisnakker (0.0.1)

GEM
  remote: https://rubygems.org/
  specs:
    addressable (2.4.0)
    coderay (1.1.0)
    colorize (0.7.7)
    crack (0.4.3)
      safe_yaml (~> 1.0.0)
    fuzzy_match (2.1.0)
    hashdiff (0.2.3)
    iso_country_codes (0.7.2)
    json (1.8.3)
    method_source (0.8.2)
    mini_portile2 (2.0.0)
    minitest (5.8.3)
    minitest-around (0.3.2)
      minitest (~> 5.0)
    nokogiri (1.6.7)
      mini_portile2 (~> 2.0.0.rc2)
    pry (0.10.3)
      coderay (~> 1.1.0)
      method_source (~> 0.8.1)
      slop (~> 3.4)
    rake (10.4.2)
    safe_yaml (1.0.4)
    sass (3.4.20)
    slop (3.6.0)
    unicode_utils (1.4.0)
    vcr (3.0.0)
    webmock (1.22.3)
      addressable (>= 2.3.6)
      crack (>= 0.3.2)
      hashdiff
    yajl-ruby (1.2.1)

PLATFORMS
  ruby

DEPENDENCIES
  colorize
  csv_to_popolo (~> 0.17.1)!
  fuzzy_match
  iso_country_codes
  json
  minitest
  minitest-around
  nokogiri
  pry
  rake
  sass
  unicode_utils
  vcr
  webmock
  wikisnakker!
  yajl-ruby

BUNDLED WITH
   1.10.6
