GIT
  remote: git://github.com/everypolitician/everypolitician-popolo.git
  revision: 93cb11e84249806ca2001fce18e300466c779414
  specs:
    everypolitician-popolo (0.4.0)

GIT
  remote: git://github.com/everypolitician/everypolitician-ruby.git
  revision: 1ab5d5ba15ff42cb1af01ba7528b948becfb1544
  specs:
    everypolitician (0.7.0)
      everypolitician-popolo

GIT
  remote: git://github.com/everypolitician/wikisnakker.git
  revision: c2895a600fb78b2ad0df3e8ae3d24b4586a94179
  specs:
    wikisnakker (0.6.0)

GIT
  remote: git://github.com/tmtmtmtm/csv_to_popolo.git
  revision: a38c69ce43c458dd9c1d40ef015fcc8044546d86
  specs:
    csv_to_popolo (0.25.0)
      facebook_username_extractor
      json
      rcsv
      twitter_username_extractor

GEM
  remote: https://rubygems.org/
  specs:
    addressable (2.4.0)
    coderay (1.1.1)
    colorize (0.8.1)
    crack (0.4.3)
      safe_yaml (~> 1.0.0)
    domain_name (0.5.20160615)
      unf (>= 0.0.5, < 1.0.0)
    facebook_username_extractor (0.2.0)
    fuzzy_match (2.1.0)
    hashdiff (0.3.0)
    http-cookie (1.0.2)
      domain_name (~> 0.5)
    json (2.0.1)
    json5 (0.0.1)
    method_source (0.8.2)
    mime-types (3.1)
      mime-types-data (~> 3.2015)
    mime-types-data (3.2016.0521)
    mini_portile2 (2.1.0)
    minitest (5.9.0)
    minitest-around (0.3.2)
      minitest (~> 5.0)
    netrc (0.11.0)
    nokogiri (1.6.8)
      mini_portile2 (~> 2.1.0)
      pkg-config (~> 1.1.7)
    pkg-config (1.1.7)
    pry (0.10.4)
      coderay (~> 1.1.0)
      method_source (~> 0.8.1)
      slop (~> 3.4)
    rake (11.2.2)
    rcsv (0.3.1)
    rest-client (2.0.0)
      http-cookie (>= 1.0.2, < 2.0)
      mime-types (>= 1.16, < 4.0)
      netrc (~> 0.8)
    safe_yaml (1.0.4)
    sass (3.4.22)
    slop (3.6.0)
    twitter_username_extractor (0.1.0)
    unf (0.1.4)
      unf_ext
    unf_ext (0.0.7.2)
    unicode_utils (1.4.0)
    vcr (3.0.3)
    webmock (2.1.0)
      addressable (>= 2.3.6)
      crack (>= 0.3.2)
      hashdiff
    yajl-ruby (1.2.1)

PLATFORMS
  ruby

DEPENDENCIES
  colorize
  csv_to_popolo (~> 0.25.0)!
  everypolitician!
  everypolitician-popolo!
  facebook_username_extractor (~> 0.2.0)
  fuzzy_match
  json
  json5
  minitest
  minitest-around
  nokogiri
  pry
  rake
  rcsv
  rest-client
  sass
  slop (~> 3.6.0)
  unicode_utils
  vcr
  webmock
  wikisnakker (~> 0.6.0)!
  yajl-ruby

BUNDLED WITH
   1.12.3
