GIT
  remote: git://github.com/tmtmtmtm/csv_to_popolo.git
  revision: 53fece5e0727b02fc928669f25ab662d2f3b6e0f
  specs:
    csv_to_popolo (0.9.9)
      json

GEM
  remote: https://rubygems.org/
  specs:
    coderay (1.1.0)
    colorize (0.7.7)
    json (1.8.2)
    method_source (0.8.2)
    mini_portile (0.6.2)
    nokogiri (1.6.6.2)
      mini_portile (~> 0.6.0)
    pry (0.10.1)
      coderay (~> 1.1.0)
      method_source (~> 0.8.1)
      slop (~> 3.4)
    rake (10.4.2)
    slop (3.6.0)

PLATFORMS
  ruby

DEPENDENCIES
  colorize
  csv_to_popolo (>= 0.9.9)!
  json
  nokogiri
  pry
  rake
