GIT
  remote: git://github.com/tmtmtmtm/csv_to_popolo.git
  revision: 5a90dfd917256ef1a47f820c244778215d0dc763
  specs:
    csv_to_popolo (0.23.0)
      facebook_username_extractor
      json
      twitter_username_extractor

GIT
  remote: https://github.com/everypolitician/everypolitician-popolo
  revision: d9415242846ef06e5b498e318711d01ea6575b59
  branch: master
  specs:
    everypolitician-popolo (0.1.0)

GIT
  remote: https://github.com/everypolitician/everypolitician-ruby
  revision: 2867f271808c70ed65816efb957340ac6135991a
  specs:
    everypolitician (0.6.0)
      everypolitician-popolo

GIT
  remote: https://github.com/everypolitician/wikisnakker
  revision: c4939906c4653200c5f77b3a8653615f96bdf11e
  branch: master
  specs:
    wikisnakker (0.0.1)

GEM
  remote: https://rubygems.org/
  specs:
    addressable (2.4.0)
    coderay (1.1.1)
    colorize (0.7.7)
    crack (0.4.3)
      safe_yaml (~> 1.0.0)
    domain_name (0.5.20160310)
      unf (>= 0.0.5, < 1.0.0)
    facebook_username_extractor (0.1.0)
    fuzzy_match (2.1.0)
    hashdiff (0.2.3)
    http-cookie (1.0.2)
      domain_name (~> 0.5)
    iso_country_codes (0.7.2)
    json (1.8.3)
    json5 (0.0.1)
    method_source (0.8.2)
    mime-types (2.99.1)
    mini_portile2 (2.0.0)
    minitest (5.8.3)
    minitest-around (0.3.2)
      minitest (~> 5.0)
    netrc (0.11.0)
    nokogiri (1.6.7)
      mini_portile2 (~> 2.0.0.rc2)
    pry (0.10.3)
      coderay (~> 1.1.0)
      method_source (~> 0.8.1)
      slop (~> 3.4)
    rake (10.4.2)
    rest-client (1.8.0)
      http-cookie (>= 1.0.2, < 2.0)
      mime-types (>= 1.16, < 3.0)
      netrc (~> 0.7)
    safe_yaml (1.0.4)
    sass (3.4.20)
    slop (3.6.0)
    twitter_username_extractor (0.1.0)
    unf (0.1.4)
      unf_ext
    unf_ext (0.0.7.2)
    unicode_utils (1.4.0)
    vcr (3.0.0)
    webmock (1.22.3)
      addressable (>= 2.3.6)
      crack (>= 0.3.2)
      hashdiff
    yajl-ruby (1.2.1)

PLATFORMS
  ruby

DEPENDENCIES
  colorize
  csv_to_popolo (~> 0.23.0)!
  everypolitician!
  everypolitician-popolo!
  fuzzy_match
  iso_country_codes
  json
  json5
  minitest
  minitest-around
  nokogiri
  pry
  rake
  rest-client
  sass
  slop (~> 3.6.0)
  unicode_utils
  vcr
  webmock
  wikisnakker!
  yajl-ruby

BUNDLED WITH
   1.11.2
