GIT
  remote: git://github.com/tmtmtmtm/csv_to_popolo.git
  revision: d930a6b43d356817946bef2e3fd2602b1d4c21a8
  specs:
    csv_to_popolo (0.14.1)
      json

GEM
  remote: https://rubygems.org/
  specs:
    coderay (1.1.0)
    colorize (0.7.7)
    fuzzy_match (2.1.0)
    iso_country_codes (0.7.1)
    json (1.8.2)
    method_source (0.8.2)
    mini_portile (0.6.2)
    nokogiri (1.6.6.2)
      mini_portile (~> 0.6.0)
    pry (0.10.1)
      coderay (~> 1.1.0)
      method_source (~> 0.8.1)
      slop (~> 3.4)
    rake (10.4.2)
    slop (3.6.0)
    yajl-ruby (1.2.1)

PLATFORMS
  ruby

DEPENDENCIES
  colorize
  csv_to_popolo (>= 0.14.1)!
  fuzzy_match
  iso_country_codes
  json
  nokogiri
  pry
  rake
  yajl-ruby
